GIT
  remote: git://github.com/injekt/cinch.git
  revision: 2e76529
  branch: merge
  specs:
    cinch (1.0.0)

GEM
  remote: http://rubygems.org/
  specs:
    activesupport (3.0.0.beta4)
    i18n (0.4.1)
    nokogiri (1.4.1)
    rspec (1.3.0)
    tzinfo (0.3.22)

PLATFORMS
  ruby

DEPENDENCIES
  activesupport (= 3.0.0.beta4)
  cinch!
  i18n
  nokogiri
  rspec
  tzinfo
