GEM
  remote: http://rubygems.org/
  specs:
    activesupport (2.3.5)
    nokogiri (1.4.1)
    rspec (1.3.0)

PLATFORMS
  ruby

DEPENDENCIES
  activesupport
  nokogiri
  rspec
